GEM
  remote: https://rubygems.org/
  specs:
    chronic (0.10.2)
    thor (1.2.1)

PLATFORMS
  x86_64-darwin-21

DEPENDENCIES
  chronic
  thor

BUNDLED WITH
   2.3.26
