GEM
  remote: https://rubygems.org/
  specs:
    chronic (0.10.2)
    coderay (1.1.3)
    method_source (1.0.0)
    pry (0.14.2)
      coderay (~> 1.1)
      method_source (~> 1.0)
    sequel (5.67.0)
    sqlite3 (1.6.2-x86_64-darwin)
    thor (1.2.1)

PLATFORMS
  x86_64-darwin-21

DEPENDENCIES
  chronic
  pry
  sequel
  sqlite3
  thor

BUNDLED WITH
   2.3.26
